PATH
  remote: .
  specs:
    mysql_big_table_migration (0.1.1)
      activerecord
      activesupport

GEM
  remote: https://rubygems.org/
  specs:
    activemodel (4.2.1)
      activesupport (= 4.2.1)
      builder (~> 3.1)
    activerecord (4.2.1)
      activemodel (= 4.2.1)
      activesupport (= 4.2.1)
      arel (~> 6.0)
    activesupport (4.2.1)
      i18n (~> 0.7)
      json (~> 1.7, >= 1.7.7)
      minitest (~> 5.1)
      thread_safe (~> 0.3, >= 0.3.4)
      tzinfo (~> 1.1)
    arel (6.0.0)
    builder (3.2.2)
    fileutils (0.7)
      rmagick (>= 2.13.1)
    i18n (0.7.0)
    json (1.8.2)
    logger (1.2.8)
    minitest (5.5.1)
    mysql (2.9.1)
    mysql2 (0.3.18)
    rake (10.4.2)
    rmagick (2.14.0)
    thread_safe (0.3.5)
    tzinfo (1.2.2)
      thread_safe (~> 0.1)

PLATFORMS
  ruby

DEPENDENCIES
  bundler
  fileutils
  logger
  minitest
  mysql
  mysql2
  mysql_big_table_migration!
  rake
